PATH
  remote: .
  specs:
    kata_bootstrap_ruby (0.1.0)

GEM
  remote: https://rubygems.org/
  specs:
    power_assert (1.1.1)
    rake (10.5.0)
    test-unit (3.2.7)
      power_assert

PLATFORMS
  ruby

DEPENDENCIES
  bundler (~> 1.16)
  kata_bootstrap_ruby!
  rake (~> 10.0)
  test-unit

BUNDLED WITH
   1.16.1
